GEM
  remote: https://rubygems.org/
  specs:
    addressable (2.7.0)
      public_suffix (>= 2.0.2, < 5.0)
    faraday (0.17.1)
      multipart-post (>= 1.2, < 3)
    launchy (2.4.3)
      addressable (~> 2.3)
    multipart-post (2.1.1)
    mustermann (1.1.1)
      ruby2_keywords (~> 0.0.1)
    nature_remo (0.4.0)
      faraday (~> 0.17.0)
      launchy (~> 2.4.3)
      thor (~> 0.20.3)
    public_suffix (4.0.1)
    rack (2.2.3)
    rack-protection (2.2.0)
      rack
    ruby2_keywords (0.0.5)
    sinatra (2.2.0)
      mustermann (~> 1.0)
      rack (~> 2.2)
      rack-protection (= 2.2.0)
      tilt (~> 2.0)
    thor (0.20.3)
    tilt (2.0.10)

PLATFORMS
  ruby

DEPENDENCIES
  nature_remo
  sinatra

BUNDLED WITH
   1.17.2
